GIT
  remote: git://github.com/sportngin/rack-proxy.git
  revision: 2fc15874a150a847c5213104b3d7185f8a0492f0
  specs:
    rack-proxy (0.3.7)
      rack

GEM
  remote: https://rubygems.org/
  specs:
    rack (1.5.2)
    rack-protection (1.5.0)
      rack
    sinatra (1.4.3)
      rack (~> 1.4)
      rack-protection (~> 1.4)
      tilt (~> 1.3, >= 1.3.4)
    tilt (1.4.1)

PLATFORMS
  ruby

DEPENDENCIES
  rack-proxy!
  sinatra
